GIT
  remote: https://github.com/spookandpuff/sass_and_puff.git
  revision: efd9c029f9d35282258e3a8b8b0b97d9f8f2dc23
  tag: 0.5.0
  specs:
    sass_and_puff (0.0.2.alpha)
      sass (~> 3.4.12)

GEM
  remote: https://rubygems.org/
  specs:
    addressable (2.5.2)
      public_suffix (>= 2.0.2, < 4.0)
    backports (3.11.1)
    better_errors (2.4.0)
      coderay (>= 1.0.0)
      erubi (>= 1.0.0)
      rack (>= 0.9.0)
    binding_of_caller (0.8.0)
      debug_inspector (>= 0.0.1)
    chunky_png (1.3.10)
    coderay (1.1.2)
    coffee-script (2.4.1)
      coffee-script-source
      execjs
    coffee-script-source (1.12.2)
    compass (1.0.3)
      chunky_png (~> 1.2)
      compass-core (~> 1.0.2)
      compass-import-once (~> 1.0.5)
      rb-fsevent (>= 0.9.3)
      rb-inotify (>= 0.9)
      sass (>= 3.3.13, < 3.5)
    compass-core (1.0.3)
      multi_json (~> 1.0)
      sass (>= 3.3.0, < 3.5)
    compass-import-once (1.0.5)
      sass (>= 3.2, < 3.5)
    concurrent-ruby (1.0.5)
    css_parser (1.6.0)
      addressable
    debug_inspector (0.0.3)
    dotenv (2.2.1)
    erubi (1.7.1)
    excon (0.60.0)
    execjs (2.7.0)
    ffi (1.9.23)
    haml (5.0.4)
      temple (>= 0.8.0)
      tilt
    heroku-api (0.4.3)
      excon (~> 0.45)
      multi_json (~> 1.8)
    htmlentities (4.3.4)
    keycdn (0.1.1)
    launchy (2.4.3)
      addressable (~> 2.3)
    letter_opener (1.6.0)
      launchy (~> 2.2)
    mail (2.7.0)
      mini_mime (>= 0.1.1)
    method_source (0.9.0)
    mini_mime (1.0.0)
    mini_portile2 (2.3.0)
    modular-scale (2.0.6)
      compass (>= 0.12.0)
    multi_json (1.13.1)
    nokogiri (1.8.2)
      mini_portile2 (~> 2.3.0)
    pony (1.12)
      mail (>= 2.0)
    premailer (1.11.1)
      addressable
      css_parser (>= 1.6.0)
      htmlentities (>= 4.0.0)
    pry (0.11.3)
      coderay (~> 1.1.0)
      method_source (~> 0.9.0)
    public_suffix (3.0.2)
    puma (3.11.3)
    rack (1.6.9)
    rack-protection (1.5.5)
      rack
    rack-test (0.8.3)
      rack (>= 1.0, < 3)
    rake (11.3.0)
    rb-fsevent (0.10.3)
    rb-inotify (0.9.10)
      ffi (>= 0.5.0, < 2)
    rdiscount (2.2.0.1)
    sass (3.4.25)
    sinatra (1.4.8)
      rack (~> 1.5)
      rack-protection (~> 1.4)
      tilt (>= 1.3, < 3)
    sinatra-asset-pipeline (1.0.2)
      coffee-script (~> 2.4)
      rake (~> 11.2)
      sass (~> 3.4)
      sinatra (~> 1.4)
      sprockets (~> 3.6)
      sprockets-helpers (~> 1.1)
    sinatra-contrib (1.4.7)
      backports (>= 2.0)
      multi_json
      rack-protection
      rack-test
      sinatra (~> 1.4.0)
      tilt (>= 1.3, < 3)
    sprockets (3.7.1)
      concurrent-ruby (~> 1.0)
      rack (> 1, < 3)
    sprockets-helpers (1.2.1)
      sprockets (>= 2.2)
    temple (0.8.0)
    tilt (2.0.8)

PLATFORMS
  ruby

DEPENDENCIES
  better_errors
  binding_of_caller
  compass
  dotenv
  haml
  heroku-api
  keycdn (~> 0.1.1)
  letter_opener (~> 1.4, >= 1.4.1)
  modular-scale (~> 2.0.5)
  nokogiri (~> 1.8, >= 1.8.2)
  pony (~> 1.11)
  premailer (~> 1.8, >= 1.8.6)
  pry
  puma
  rdiscount (~> 2.2.0.1)
  sass_and_puff!
  sinatra (~> 1.4.5)
  sinatra-asset-pipeline
  sinatra-contrib (~> 1.4, >= 1.4.6)

RUBY VERSION
   ruby 2.2.4p230

BUNDLED WITH
   1.14.6
